GEM
  remote: https://rubygems.org/
  specs:
    addressable (2.5.2)
      public_suffix (>= 2.0.2, < 4.0)
    coderay (1.1.2)
    google_custom_search_api (2.0.0)
      addressable
      httparty
    httparty (0.16.0)
      multi_xml (>= 0.5.2)
    method_source (0.9.0)
    multi_xml (0.6.0)
    pry (0.11.3)
      coderay (~> 1.1.0)
      method_source (~> 0.9.0)
    public_suffix (3.0.2)

PLATFORMS
  ruby

DEPENDENCIES
  google_custom_search_api
  pry

BUNDLED WITH
   1.13.6
