GEM
  remote: https://rubygems.org/
  specs:
    coderay (1.1.2)
    google-search (1.0.3)
      json
    json (2.1.0)
    method_source (0.9.0)
    pry (0.11.3)
      coderay (~> 1.1.0)
      method_source (~> 0.9.0)

PLATFORMS
  ruby

DEPENDENCIES
  google-search
  pry

BUNDLED WITH
   1.13.6
